GEM
  remote: https://rubygems.org/
  specs:
    ethon (0.7.1)
      ffi (>= 1.3.0)
    ffi (1.9.6)
    firebase (0.2.2)
      json
      typhoeus (>= 0.6.1)
    htmlentities (4.3.2)
    httparty (0.13.3)
      json (~> 1.8)
      multi_xml (>= 0.5.2)
    json (1.8.1)
    multi_xml (0.5.5)
    sequel (4.7.0)
    sqlite3 (1.3.9)
    typhoeus (0.6.9)
      ethon (>= 0.7.1)

PLATFORMS
  ruby

DEPENDENCIES
  firebase
  htmlentities
  httparty
  sequel
  sqlite3
